PATH
  remote: .
  specs:
    meteoalarm (0.1.0)

GEM
  remote: https://rubygems.org/
  specs:
    geokit (1.14.0)
    minitest (5.20.0)
    rake (13.1.0)

PLATFORMS
  arm64-darwin-22

DEPENDENCIES
  geokit
  meteoalarm!
  minitest (~> 5.0)
  rake (~> 13.0)

BUNDLED WITH
   2.4.13
